RESTRICTION: || (== net40) (== net45)
NUGET
  remote: https://www.nuget.org/api/v2
    NDesk.Options (0.2.1)
    NUnit (3.2)
